GEM
  remote: https://rubygems.org/
  specs:
    activesupport (5.1.0)
      concurrent-ruby (~> 1.0, >= 1.0.2)
      i18n (~> 0.7)
      minitest (~> 5.1)
      tzinfo (~> 1.1)
    aws-sdk (2.9.17)
      aws-sdk-resources (= 2.9.17)
    aws-sdk-core (2.9.17)
      aws-sigv4 (~> 1.0)
      jmespath (~> 1.0)
    aws-sdk-resources (2.9.17)
      aws-sdk-core (= 2.9.17)
    aws-sigv4 (1.0.0)
    backports (3.8.0)
    concurrent-ruby (1.0.5)
    dotenv (2.2.1)
    elasticsearch (5.0.4)
      elasticsearch-api (= 5.0.4)
      elasticsearch-transport (= 5.0.4)
    elasticsearch-api (5.0.4)
      multi_json
    elasticsearch-ruby (0.0.4)
      activesupport (>= 3.0.0)
      thrift
    elasticsearch-transport (5.0.4)
      faraday
      multi_json
    eventmachine (1.2.3)
    faraday (0.12.1)
      multipart-post (>= 1.2, < 3)
    faye-websocket (0.10.7)
      eventmachine (>= 0.12.0)
      websocket-driver (>= 0.5.1)
    i18n (0.8.1)
    jmespath (1.3.1)
    minitest (5.10.2)
    multi_json (1.12.1)
    multipart-post (2.0.0)
    mustermann (1.0.0)
    rack (2.0.2)
    rack-protection (2.0.0)
      rack
    sinatra (2.0.0)
      mustermann (~> 1.0)
      rack (~> 2.0)
      rack-protection (= 2.0.0)
      tilt (~> 2.0)
    sinatra-contrib (2.0.0)
      backports (>= 2.0)
      multi_json
      mustermann (~> 1.0)
      rack-protection (= 2.0.0)
      sinatra (= 2.0.0)
      tilt (>= 1.3, < 3)
    thread_safe (0.3.6)
    thrift (0.10.0.0)
    tilt (2.0.7)
    tzinfo (1.2.3)
      thread_safe (~> 0.1)
    websocket-driver (0.6.5)
      websocket-extensions (>= 0.1.0)
    websocket-extensions (0.1.2)

PLATFORMS
  ruby

DEPENDENCIES
  aws-sdk
  dotenv
  elasticsearch
  elasticsearch-ruby
  eventmachine
  faye-websocket
  sinatra
  sinatra-contrib

BUNDLED WITH
   1.11.2
