GEM
  remote: https://rubygems.org/
  specs:
    activesupport (5.2.1)
      concurrent-ruby (~> 1.0, >= 1.0.2)
      i18n (>= 0.7, < 2)
      minitest (~> 5.1)
      tzinfo (~> 1.1)
    aws-eventstream (1.0.1)
    aws-partitions (1.113.0)
    aws-sdk (3.0.1)
      aws-sdk-resources (~> 3)
    aws-sdk-acm (1.13.0)
      aws-sdk-core (~> 3, >= 3.26.0)
      aws-sigv4 (~> 1.0)
    aws-sdk-acmpca (1.6.0)
      aws-sdk-core (~> 3, >= 3.26.0)
      aws-sigv4 (~> 1.0)
    aws-sdk-alexaforbusiness (1.12.0)
      aws-sdk-core (~> 3, >= 3.26.0)
      aws-sigv4 (~> 1.0)
    aws-sdk-apigateway (1.22.0)
      aws-sdk-core (~> 3, >= 3.26.0)
      aws-sigv4 (~> 1.0)
    aws-sdk-applicationautoscaling (1.15.0)
      aws-sdk-core (~> 3, >= 3.26.0)
      aws-sigv4 (~> 1.0)
    aws-sdk-applicationdiscoveryservice (1.7.0)
      aws-sdk-core (~> 3, >= 3.26.0)
      aws-sigv4 (~> 1.0)
    aws-sdk-appstream (1.18.0)
      aws-sdk-core (~> 3, >= 3.26.0)
      aws-sigv4 (~> 1.0)
    aws-sdk-appsync (1.8.0)
      aws-sdk-core (~> 3, >= 3.26.0)
      aws-sigv4 (~> 1.0)
    aws-sdk-athena (1.6.0)
      aws-sdk-core (~> 3, >= 3.26.0)
      aws-sigv4 (~> 1.0)
    aws-sdk-autoscaling (1.12.0)
      aws-sdk-core (~> 3, >= 3.26.0)
      aws-sigv4 (~> 1.0)
    aws-sdk-autoscalingplans (1.7.0)
      aws-sdk-core (~> 3, >= 3.26.0)
      aws-sigv4 (~> 1.0)
    aws-sdk-batch (1.10.0)
      aws-sdk-core (~> 3, >= 3.26.0)
      aws-sigv4 (~> 1.0)
    aws-sdk-budgets (1.14.0)
      aws-sdk-core (~> 3, >= 3.26.0)
      aws-sigv4 (~> 1.0)
    aws-sdk-chime (1.1.0)
      aws-sdk-core (~> 3, >= 3.26.0)
      aws-sigv4 (~> 1.0)
    aws-sdk-cloud9 (1.6.0)
      aws-sdk-core (~> 3, >= 3.26.0)
      aws-sigv4 (~> 1.0)
    aws-sdk-clouddirectory (1.10.0)
      aws-sdk-core (~> 3, >= 3.26.0)
      aws-sigv4 (~> 1.0)
    aws-sdk-cloudformation (1.11.0)
      aws-sdk-core (~> 3, >= 3.26.0)
      aws-sigv4 (~> 1.0)
    aws-sdk-cloudfront (1.10.1)
      aws-sdk-core (~> 3, >= 3.26.0)
      aws-sigv4 (~> 1.0)
    aws-sdk-cloudhsm (1.8.0)
      aws-sdk-core (~> 3, >= 3.26.0)
      aws-sigv4 (~> 1.0)
    aws-sdk-cloudhsmv2 (1.8.0)
      aws-sdk-core (~> 3, >= 3.26.0)
      aws-sigv4 (~> 1.0)
    aws-sdk-cloudsearch (1.5.0)
      aws-sdk-core (~> 3, >= 3.26.0)
      aws-sigv4 (~> 1.0)
    aws-sdk-cloudsearchdomain (1.5.0)
      aws-sdk-core (~> 3, >= 3.26.0)
      aws-sigv4 (~> 1.0)
    aws-sdk-cloudtrail (1.6.0)
      aws-sdk-core (~> 3, >= 3.26.0)
      aws-sigv4 (~> 1.0)
    aws-sdk-cloudwatch (1.12.0)
      aws-sdk-core (~> 3, >= 3.26.0)
      aws-sigv4 (~> 1.0)
    aws-sdk-cloudwatchevents (1.11.0)
      aws-sdk-core (~> 3, >= 3.26.0)
      aws-sigv4 (~> 1.0)
    aws-sdk-cloudwatchlogs (1.10.0)
      aws-sdk-core (~> 3, >= 3.26.0)
      aws-sigv4 (~> 1.0)
    aws-sdk-codebuild (1.22.0)
      aws-sdk-core (~> 3, >= 3.26.0)
      aws-sigv4 (~> 1.0)
    aws-sdk-codecommit (1.10.0)
      aws-sdk-core (~> 3, >= 3.26.0)
      aws-sigv4 (~> 1.0)
    aws-sdk-codedeploy (1.10.0)
      aws-sdk-core (~> 3, >= 3.26.0)
      aws-sigv4 (~> 1.0)
    aws-sdk-codepipeline (1.10.0)
      aws-sdk-core (~> 3, >= 3.26.0)
      aws-sigv4 (~> 1.0)
    aws-sdk-codestar (1.7.0)
      aws-sdk-core (~> 3, >= 3.26.0)
      aws-sigv4 (~> 1.0)
    aws-sdk-cognitoidentity (1.5.0)
      aws-sdk-core (~> 3, >= 3.26.0)
      aws-sigv4 (~> 1.0)
    aws-sdk-cognitoidentityprovider (1.10.0)
      aws-sdk-core (~> 3, >= 3.26.0)
      aws-sigv4 (~> 1.0)
    aws-sdk-cognitosync (1.5.0)
      aws-sdk-core (~> 3, >= 3.26.0)
      aws-sigv4 (~> 1.0)
    aws-sdk-comprehend (1.8.0)
      aws-sdk-core (~> 3, >= 3.26.0)
      aws-sigv4 (~> 1.0)
    aws-sdk-configservice (1.19.0)
      aws-sdk-core (~> 3, >= 3.26.0)
      aws-sigv4 (~> 1.0)
    aws-sdk-connect (1.8.0)
      aws-sdk-core (~> 3, >= 3.26.0)
      aws-sigv4 (~> 1.0)
    aws-sdk-core (3.38.0)
      aws-eventstream (~> 1.0)
      aws-partitions (~> 1.0)
      aws-sigv4 (~> 1.0)
      jmespath (~> 1.0)
    aws-sdk-costandusagereportservice (1.5.0)
      aws-sdk-core (~> 3, >= 3.26.0)
      aws-sigv4 (~> 1.0)
    aws-sdk-costexplorer (1.12.0)
      aws-sdk-core (~> 3, >= 3.26.0)
      aws-sigv4 (~> 1.0)
    aws-sdk-databasemigrationservice (1.13.0)
      aws-sdk-core (~> 3, >= 3.26.0)
      aws-sigv4 (~> 1.0)
    aws-sdk-datapipeline (1.5.0)
      aws-sdk-core (~> 3, >= 3.26.0)
      aws-sigv4 (~> 1.0)
    aws-sdk-dax (1.7.0)
      aws-sdk-core (~> 3, >= 3.26.0)
      aws-sigv4 (~> 1.0)
    aws-sdk-devicefarm (1.12.0)
      aws-sdk-core (~> 3, >= 3.26.0)
      aws-sigv4 (~> 1.0)
    aws-sdk-directconnect (1.8.0)
      aws-sdk-core (~> 3, >= 3.26.0)
      aws-sigv4 (~> 1.0)
    aws-sdk-directoryservice (1.10.0)
      aws-sdk-core (~> 3, >= 3.26.0)
      aws-sigv4 (~> 1.0)
    aws-sdk-dlm (1.6.0)
      aws-sdk-core (~> 3, >= 3.26.0)
      aws-sigv4 (~> 1.0)
    aws-sdk-dynamodb (1.16.0)
      aws-sdk-core (~> 3, >= 3.26.0)
      aws-sigv4 (~> 1.0)
    aws-sdk-dynamodbstreams (1.5.0)
      aws-sdk-core (~> 3, >= 3.26.0)
      aws-sigv4 (~> 1.0)
    aws-sdk-ec2 (1.57.0)
      aws-sdk-core (~> 3, >= 3.26.0)
      aws-sigv4 (~> 1.0)
    aws-sdk-ecr (1.8.0)
      aws-sdk-core (~> 3, >= 3.26.0)
      aws-sigv4 (~> 1.0)
    aws-sdk-ecs (1.22.0)
      aws-sdk-core (~> 3, >= 3.26.0)
      aws-sigv4 (~> 1.0)
    aws-sdk-efs (1.6.0)
      aws-sdk-core (~> 3, >= 3.26.0)
      aws-sigv4 (~> 1.0)
    aws-sdk-eks (1.7.0)
      aws-sdk-core (~> 3, >= 3.26.0)
      aws-sigv4 (~> 1.0)
    aws-sdk-elasticache (1.9.0)
      aws-sdk-core (~> 3, >= 3.26.0)
      aws-sigv4 (~> 1.0)
    aws-sdk-elasticbeanstalk (1.13.0)
      aws-sdk-core (~> 3, >= 3.26.0)
      aws-sigv4 (~> 1.0)
    aws-sdk-elasticloadbalancing (1.7.0)
      aws-sdk-core (~> 3, >= 3.26.0)
      aws-sigv4 (~> 1.0)
    aws-sdk-elasticloadbalancingv2 (1.16.0)
      aws-sdk-core (~> 3, >= 3.26.0)
      aws-sigv4 (~> 1.0)
    aws-sdk-elasticsearchservice (1.14.0)
      aws-sdk-core (~> 3, >= 3.26.0)
      aws-sigv4 (~> 1.0)
    aws-sdk-elastictranscoder (1.6.0)
      aws-sdk-core (~> 3, >= 3.26.0)
      aws-sigv4 (~> 1.0)
    aws-sdk-emr (1.7.0)
      aws-sdk-core (~> 3, >= 3.26.0)
      aws-sigv4 (~> 1.0)
    aws-sdk-firehose (1.9.0)
      aws-sdk-core (~> 3, >= 3.26.0)
      aws-sigv4 (~> 1.0)
    aws-sdk-fms (1.6.0)
      aws-sdk-core (~> 3, >= 3.26.0)
      aws-sigv4 (~> 1.0)
    aws-sdk-gamelift (1.9.0)
      aws-sdk-core (~> 3, >= 3.26.0)
      aws-sigv4 (~> 1.0)
    aws-sdk-glacier (1.13.0)
      aws-sdk-core (~> 3, >= 3.26.0)
      aws-sigv4 (~> 1.0)
    aws-sdk-glue (1.20.0)
      aws-sdk-core (~> 3, >= 3.26.0)
      aws-sigv4 (~> 1.0)
    aws-sdk-greengrass (1.10.0)
      aws-sdk-core (~> 3, >= 3.26.0)
      aws-sigv4 (~> 1.0)
    aws-sdk-guardduty (1.10.0)
      aws-sdk-core (~> 3, >= 3.26.0)
      aws-sigv4 (~> 1.0)
    aws-sdk-health (1.7.0)
      aws-sdk-core (~> 3, >= 3.26.0)
      aws-sigv4 (~> 1.0)
    aws-sdk-iam (1.10.0)
      aws-sdk-core (~> 3, >= 3.26.0)
      aws-sigv4 (~> 1.0)
    aws-sdk-importexport (1.5.0)
      aws-sdk-core (~> 3, >= 3.26.0)
      aws-sigv2 (~> 1.0)
    aws-sdk-inspector (1.11.0)
      aws-sdk-core (~> 3, >= 3.26.0)
      aws-sigv4 (~> 1.0)
    aws-sdk-iot (1.18.0)
      aws-sdk-core (~> 3, >= 3.26.0)
      aws-sigv4 (~> 1.0)
    aws-sdk-iot1clickdevicesservice (1.5.0)
      aws-sdk-core (~> 3, >= 3.26.0)
      aws-sigv4 (~> 1.0)
    aws-sdk-iot1clickprojects (1.5.0)
      aws-sdk-core (~> 3, >= 3.26.0)
      aws-sigv4 (~> 1.0)
    aws-sdk-iotanalytics (1.9.0)
      aws-sdk-core (~> 3, >= 3.26.0)
      aws-sigv4 (~> 1.0)
    aws-sdk-iotdataplane (1.5.0)
      aws-sdk-core (~> 3, >= 3.26.0)
      aws-sigv4 (~> 1.0)
    aws-sdk-iotjobsdataplane (1.6.0)
      aws-sdk-core (~> 3, >= 3.26.0)
      aws-sigv4 (~> 1.0)
    aws-sdk-kinesis (1.8.0)
      aws-sdk-core (~> 3, >= 3.26.0)
      aws-sigv4 (~> 1.0)
    aws-sdk-kinesisanalytics (1.7.0)
      aws-sdk-core (~> 3, >= 3.26.0)
      aws-sigv4 (~> 1.0)
    aws-sdk-kinesisvideo (1.6.0)
      aws-sdk-core (~> 3, >= 3.26.0)
      aws-sigv4 (~> 1.0)
    aws-sdk-kinesisvideoarchivedmedia (1.6.0)
      aws-sdk-core (~> 3, >= 3.26.0)
      aws-sigv4 (~> 1.0)
    aws-sdk-kinesisvideomedia (1.5.0)
      aws-sdk-core (~> 3, >= 3.26.0)
      aws-sigv4 (~> 1.0)
    aws-sdk-kms (1.11.0)
      aws-sdk-core (~> 3, >= 3.26.0)
      aws-sigv4 (~> 1.0)
    aws-sdk-lambda (1.13.0)
      aws-sdk-core (~> 3, >= 3.26.0)
      aws-sigv4 (~> 1.0)
    aws-sdk-lambdapreview (1.5.0)
      aws-sdk-core (~> 3, >= 3.26.0)
      aws-sigv4 (~> 1.0)
    aws-sdk-lex (1.8.0)
      aws-sdk-core (~> 3, >= 3.26.0)
      aws-sigv4 (~> 1.0)
    aws-sdk-lexmodelbuildingservice (1.11.0)
      aws-sdk-core (~> 3, >= 3.26.0)
      aws-sigv4 (~> 1.0)
    aws-sdk-lightsail (1.10.0)
      aws-sdk-core (~> 3, >= 3.26.0)
      aws-sigv4 (~> 1.0)
    aws-sdk-machinelearning (1.5.0)
      aws-sdk-core (~> 3, >= 3.26.0)
      aws-sigv4 (~> 1.0)
    aws-sdk-macie (1.5.0)
      aws-sdk-core (~> 3, >= 3.26.0)
      aws-sigv4 (~> 1.0)
    aws-sdk-marketplacecommerceanalytics (1.5.0)
      aws-sdk-core (~> 3, >= 3.26.0)
      aws-sigv4 (~> 1.0)
    aws-sdk-marketplaceentitlementservice (1.5.0)
      aws-sdk-core (~> 3, >= 3.26.0)
      aws-sigv4 (~> 1.0)
    aws-sdk-marketplacemetering (1.5.0)
      aws-sdk-core (~> 3, >= 3.26.0)
      aws-sigv4 (~> 1.0)
    aws-sdk-mediaconvert (1.16.0)
      aws-sdk-core (~> 3, >= 3.26.0)
      aws-sigv4 (~> 1.0)
    aws-sdk-medialive (1.15.0)
      aws-sdk-core (~> 3, >= 3.26.0)
      aws-sigv4 (~> 1.0)
    aws-sdk-mediapackage (1.9.0)
      aws-sdk-core (~> 3, >= 3.26.0)
      aws-sigv4 (~> 1.0)
    aws-sdk-mediastore (1.6.0)
      aws-sdk-core (~> 3, >= 3.26.0)
      aws-sigv4 (~> 1.0)
    aws-sdk-mediastoredata (1.7.0)
      aws-sdk-core (~> 3, >= 3.26.0)
      aws-sigv4 (~> 1.0)
    aws-sdk-mediatailor (1.7.0)
      aws-sdk-core (~> 3, >= 3.26.0)
      aws-sigv4 (~> 1.0)
    aws-sdk-migrationhub (1.7.0)
      aws-sdk-core (~> 3, >= 3.26.0)
      aws-sigv4 (~> 1.0)
    aws-sdk-mobile (1.5.0)
      aws-sdk-core (~> 3, >= 3.26.0)
      aws-sigv4 (~> 1.0)
    aws-sdk-mq (1.7.0)
      aws-sdk-core (~> 3, >= 3.26.0)
      aws-sigv4 (~> 1.0)
    aws-sdk-mturk (1.8.0)
      aws-sdk-core (~> 3, >= 3.26.0)
      aws-sigv4 (~> 1.0)
    aws-sdk-neptune (1.6.0)
      aws-sdk-core (~> 3, >= 3.26.0)
      aws-sigv4 (~> 1.0)
    aws-sdk-opsworks (1.8.0)
      aws-sdk-core (~> 3, >= 3.26.0)
      aws-sigv4 (~> 1.0)
    aws-sdk-opsworkscm (1.9.0)
      aws-sdk-core (~> 3, >= 3.26.0)
      aws-sigv4 (~> 1.0)
    aws-sdk-organizations (1.15.0)
      aws-sdk-core (~> 3, >= 3.26.0)
      aws-sigv4 (~> 1.0)
    aws-sdk-pi (1.5.0)
      aws-sdk-core (~> 3, >= 3.26.0)
      aws-sigv4 (~> 1.0)
    aws-sdk-pinpoint (1.12.0)
      aws-sdk-core (~> 3, >= 3.26.0)
      aws-sigv4 (~> 1.0)
    aws-sdk-pinpointemail (1.0.0)
      aws-sdk-core (~> 3, >= 3.26.0)
      aws-sigv4 (~> 1.0)
    aws-sdk-polly (1.14.0)
      aws-sdk-core (~> 3, >= 3.26.0)
      aws-sigv4 (~> 1.0)
    aws-sdk-pricing (1.5.0)
      aws-sdk-core (~> 3, >= 3.26.0)
      aws-sigv4 (~> 1.0)
    aws-sdk-rds (1.37.0)
      aws-sdk-core (~> 3, >= 3.26.0)
      aws-sigv4 (~> 1.0)
    aws-sdk-redshift (1.14.0)
      aws-sdk-core (~> 3, >= 3.26.0)
      aws-sigv4 (~> 1.0)
    aws-sdk-rekognition (1.14.0)
      aws-sdk-core (~> 3, >= 3.26.0)
      aws-sigv4 (~> 1.0)
    aws-sdk-resourcegroups (1.8.0)
      aws-sdk-core (~> 3, >= 3.26.0)
      aws-sigv4 (~> 1.0)
    aws-sdk-resourcegroupstaggingapi (1.5.0)
      aws-sdk-core (~> 3, >= 3.26.0)
      aws-sigv4 (~> 1.0)
    aws-sdk-resources (3.27.0)
      aws-sdk-acm (~> 1)
      aws-sdk-acmpca (~> 1)
      aws-sdk-alexaforbusiness (~> 1)
      aws-sdk-apigateway (~> 1)
      aws-sdk-applicationautoscaling (~> 1)
      aws-sdk-applicationdiscoveryservice (~> 1)
      aws-sdk-appstream (~> 1)
      aws-sdk-appsync (~> 1)
      aws-sdk-athena (~> 1)
      aws-sdk-autoscaling (~> 1)
      aws-sdk-autoscalingplans (~> 1)
      aws-sdk-batch (~> 1)
      aws-sdk-budgets (~> 1)
      aws-sdk-chime (~> 1)
      aws-sdk-cloud9 (~> 1)
      aws-sdk-clouddirectory (~> 1)
      aws-sdk-cloudformation (~> 1)
      aws-sdk-cloudfront (~> 1)
      aws-sdk-cloudhsm (~> 1)
      aws-sdk-cloudhsmv2 (~> 1)
      aws-sdk-cloudsearch (~> 1)
      aws-sdk-cloudsearchdomain (~> 1)
      aws-sdk-cloudtrail (~> 1)
      aws-sdk-cloudwatch (~> 1)
      aws-sdk-cloudwatchevents (~> 1)
      aws-sdk-cloudwatchlogs (~> 1)
      aws-sdk-codebuild (~> 1)
      aws-sdk-codecommit (~> 1)
      aws-sdk-codedeploy (~> 1)
      aws-sdk-codepipeline (~> 1)
      aws-sdk-codestar (~> 1)
      aws-sdk-cognitoidentity (~> 1)
      aws-sdk-cognitoidentityprovider (~> 1)
      aws-sdk-cognitosync (~> 1)
      aws-sdk-comprehend (~> 1)
      aws-sdk-configservice (~> 1)
      aws-sdk-connect (~> 1)
      aws-sdk-costandusagereportservice (~> 1)
      aws-sdk-costexplorer (~> 1)
      aws-sdk-databasemigrationservice (~> 1)
      aws-sdk-datapipeline (~> 1)
      aws-sdk-dax (~> 1)
      aws-sdk-devicefarm (~> 1)
      aws-sdk-directconnect (~> 1)
      aws-sdk-directoryservice (~> 1)
      aws-sdk-dlm (~> 1)
      aws-sdk-dynamodb (~> 1)
      aws-sdk-dynamodbstreams (~> 1)
      aws-sdk-ec2 (~> 1)
      aws-sdk-ecr (~> 1)
      aws-sdk-ecs (~> 1)
      aws-sdk-efs (~> 1)
      aws-sdk-eks (~> 1)
      aws-sdk-elasticache (~> 1)
      aws-sdk-elasticbeanstalk (~> 1)
      aws-sdk-elasticloadbalancing (~> 1)
      aws-sdk-elasticloadbalancingv2 (~> 1)
      aws-sdk-elasticsearchservice (~> 1)
      aws-sdk-elastictranscoder (~> 1)
      aws-sdk-emr (~> 1)
      aws-sdk-firehose (~> 1)
      aws-sdk-fms (~> 1)
      aws-sdk-gamelift (~> 1)
      aws-sdk-glacier (~> 1)
      aws-sdk-glue (~> 1)
      aws-sdk-greengrass (~> 1)
      aws-sdk-guardduty (~> 1)
      aws-sdk-health (~> 1)
      aws-sdk-iam (~> 1)
      aws-sdk-importexport (~> 1)
      aws-sdk-inspector (~> 1)
      aws-sdk-iot (~> 1)
      aws-sdk-iot1clickdevicesservice (~> 1)
      aws-sdk-iot1clickprojects (~> 1)
      aws-sdk-iotanalytics (~> 1)
      aws-sdk-iotdataplane (~> 1)
      aws-sdk-iotjobsdataplane (~> 1)
      aws-sdk-kinesis (~> 1)
      aws-sdk-kinesisanalytics (~> 1)
      aws-sdk-kinesisvideo (~> 1)
      aws-sdk-kinesisvideoarchivedmedia (~> 1)
      aws-sdk-kinesisvideomedia (~> 1)
      aws-sdk-kms (~> 1)
      aws-sdk-lambda (~> 1)
      aws-sdk-lambdapreview (~> 1)
      aws-sdk-lex (~> 1)
      aws-sdk-lexmodelbuildingservice (~> 1)
      aws-sdk-lightsail (~> 1)
      aws-sdk-machinelearning (~> 1)
      aws-sdk-macie (~> 1)
      aws-sdk-marketplacecommerceanalytics (~> 1)
      aws-sdk-marketplaceentitlementservice (~> 1)
      aws-sdk-marketplacemetering (~> 1)
      aws-sdk-mediaconvert (~> 1)
      aws-sdk-medialive (~> 1)
      aws-sdk-mediapackage (~> 1)
      aws-sdk-mediastore (~> 1)
      aws-sdk-mediastoredata (~> 1)
      aws-sdk-mediatailor (~> 1)
      aws-sdk-migrationhub (~> 1)
      aws-sdk-mobile (~> 1)
      aws-sdk-mq (~> 1)
      aws-sdk-mturk (~> 1)
      aws-sdk-neptune (~> 1)
      aws-sdk-opsworks (~> 1)
      aws-sdk-opsworkscm (~> 1)
      aws-sdk-organizations (~> 1)
      aws-sdk-pi (~> 1)
      aws-sdk-pinpoint (~> 1)
      aws-sdk-pinpointemail (~> 1)
      aws-sdk-polly (~> 1)
      aws-sdk-pricing (~> 1)
      aws-sdk-rds (~> 1)
      aws-sdk-redshift (~> 1)
      aws-sdk-rekognition (~> 1)
      aws-sdk-resourcegroups (~> 1)
      aws-sdk-resourcegroupstaggingapi (~> 1)
      aws-sdk-route53 (~> 1)
      aws-sdk-route53domains (~> 1)
      aws-sdk-s3 (~> 1)
      aws-sdk-sagemaker (~> 1)
      aws-sdk-sagemakerruntime (~> 1)
      aws-sdk-secretsmanager (~> 1)
      aws-sdk-serverlessapplicationrepository (~> 1)
      aws-sdk-servicecatalog (~> 1)
      aws-sdk-servicediscovery (~> 1)
      aws-sdk-ses (~> 1)
      aws-sdk-shield (~> 1)
      aws-sdk-signer (~> 1)
      aws-sdk-simpledb (~> 1)
      aws-sdk-sms (~> 1)
      aws-sdk-snowball (~> 1)
      aws-sdk-sns (~> 1)
      aws-sdk-sqs (~> 1)
      aws-sdk-ssm (~> 1)
      aws-sdk-states (~> 1)
      aws-sdk-storagegateway (~> 1)
      aws-sdk-support (~> 1)
      aws-sdk-swf (~> 1)
      aws-sdk-transcribeservice (~> 1)
      aws-sdk-translate (~> 1)
      aws-sdk-waf (~> 1)
      aws-sdk-wafregional (~> 1)
      aws-sdk-workdocs (~> 1)
      aws-sdk-workmail (~> 1)
      aws-sdk-workspaces (~> 1)
      aws-sdk-xray (~> 1)
    aws-sdk-route53 (1.15.0)
      aws-sdk-core (~> 3, >= 3.26.0)
      aws-sigv4 (~> 1.0)
    aws-sdk-route53domains (1.7.0)
      aws-sdk-core (~> 3, >= 3.26.0)
      aws-sigv4 (~> 1.0)
    aws-sdk-s3 (1.23.1)
      aws-sdk-core (~> 3, >= 3.26.0)
      aws-sdk-kms (~> 1)
      aws-sigv4 (~> 1.0)
    aws-sdk-sagemaker (1.23.0)
      aws-sdk-core (~> 3, >= 3.26.0)
      aws-sigv4 (~> 1.0)
    aws-sdk-sagemakerruntime (1.6.0)
      aws-sdk-core (~> 3, >= 3.26.0)
      aws-sigv4 (~> 1.0)
    aws-sdk-secretsmanager (1.19.0)
      aws-sdk-core (~> 3, >= 3.26.0)
      aws-sigv4 (~> 1.0)
    aws-sdk-serverlessapplicationrepository (1.9.0)
      aws-sdk-core (~> 3, >= 3.26.0)
      aws-sigv4 (~> 1.0)
    aws-sdk-servicecatalog (1.13.0)
      aws-sdk-core (~> 3, >= 3.26.0)
      aws-sigv4 (~> 1.0)
    aws-sdk-servicediscovery (1.7.0)
      aws-sdk-core (~> 3, >= 3.26.0)
      aws-sigv4 (~> 1.0)
    aws-sdk-ses (1.13.0)
      aws-sdk-core (~> 3, >= 3.26.0)
      aws-sigv4 (~> 1.0)
    aws-sdk-shield (1.8.0)
      aws-sdk-core (~> 3, >= 3.26.0)
      aws-sigv4 (~> 1.0)
    aws-sdk-signer (1.4.0)
      aws-sdk-core (~> 3, >= 3.26.0)
      aws-sigv4 (~> 1.0)
    aws-sdk-simpledb (1.5.0)
      aws-sdk-core (~> 3, >= 3.26.0)
      aws-sigv2 (~> 1.0)
    aws-sdk-sms (1.5.0)
      aws-sdk-core (~> 3, >= 3.26.0)
      aws-sigv4 (~> 1.0)
    aws-sdk-snowball (1.9.0)
      aws-sdk-core (~> 3, >= 3.26.0)
      aws-sigv4 (~> 1.0)
    aws-sdk-sns (1.8.0)
      aws-sdk-core (~> 3, >= 3.26.0)
      aws-sigv4 (~> 1.0)
    aws-sdk-sqs (1.9.0)
      aws-sdk-core (~> 3, >= 3.26.0)
      aws-sigv4 (~> 1.0)
    aws-sdk-ssm (1.32.0)
      aws-sdk-core (~> 3, >= 3.26.0)
      aws-sigv4 (~> 1.0)
    aws-sdk-states (1.7.0)
      aws-sdk-core (~> 3, >= 3.26.0)
      aws-sigv4 (~> 1.0)
    aws-sdk-storagegateway (1.12.0)
      aws-sdk-core (~> 3, >= 3.26.0)
      aws-sigv4 (~> 1.0)
    aws-sdk-support (1.5.0)
      aws-sdk-core (~> 3, >= 3.26.0)
      aws-sigv4 (~> 1.0)
    aws-sdk-swf (1.5.0)
      aws-sdk-core (~> 3, >= 3.26.0)
      aws-sigv4 (~> 1.0)
    aws-sdk-transcribeservice (1.10.0)
      aws-sdk-core (~> 3, >= 3.26.0)
      aws-sigv4 (~> 1.0)
    aws-sdk-translate (1.6.0)
      aws-sdk-core (~> 3, >= 3.26.0)
      aws-sigv4 (~> 1.0)
    aws-sdk-waf (1.10.0)
      aws-sdk-core (~> 3, >= 3.26.0)
      aws-sigv4 (~> 1.0)
    aws-sdk-wafregional (1.11.0)
      aws-sdk-core (~> 3, >= 3.26.0)
      aws-sigv4 (~> 1.0)
    aws-sdk-workdocs (1.6.0)
      aws-sdk-core (~> 3, >= 3.26.0)
      aws-sigv4 (~> 1.0)
    aws-sdk-workmail (1.6.0)
      aws-sdk-core (~> 3, >= 3.26.0)
      aws-sigv4 (~> 1.0)
    aws-sdk-workspaces (1.8.0)
      aws-sdk-core (~> 3, >= 3.26.0)
      aws-sigv4 (~> 1.0)
    aws-sdk-xray (1.8.0)
      aws-sdk-core (~> 3, >= 3.26.0)
      aws-sigv4 (~> 1.0)
    aws-sigv2 (1.0.1)
    aws-sigv4 (1.0.3)
    backports (3.11.4)
    concurrent-ruby (1.1.3)
    dotenv (2.5.0)
    elasticsearch (6.1.0)
      elasticsearch-api (= 6.1.0)
      elasticsearch-transport (= 6.1.0)
    elasticsearch-api (6.1.0)
      multi_json
    elasticsearch-ruby (0.0.4)
      activesupport (>= 3.0.0)
      thrift
    elasticsearch-transport (6.1.0)
      faraday
      multi_json
    eventmachine (1.2.7)
    faraday (0.15.3)
      multipart-post (>= 1.2, < 3)
    faye-websocket (0.10.7)
      eventmachine (>= 0.12.0)
      websocket-driver (>= 0.5.1)
    i18n (1.1.1)
      concurrent-ruby (~> 1.0)
    jmespath (1.4.0)
    minitest (5.11.3)
    multi_json (1.13.1)
    multipart-post (2.0.0)
    mustermann (1.0.3)
    rack (2.0.8)
    rack-protection (2.0.4)
      rack
    sinatra (2.0.4)
      mustermann (~> 1.0)
      rack (~> 2.0)
      rack-protection (= 2.0.4)
      tilt (~> 2.0)
    sinatra-contrib (2.0.4)
      activesupport (>= 4.0.0)
      backports (>= 2.8.2)
      multi_json
      mustermann (~> 1.0)
      rack-protection (= 2.0.4)
      sinatra (= 2.0.4)
      tilt (>= 1.3, < 3)
    thread_safe (0.3.6)
    thrift (0.11.0.0)
    tilt (2.0.8)
    tzinfo (1.2.5)
      thread_safe (~> 0.1)
    websocket-driver (0.7.0)
      websocket-extensions (>= 0.1.0)
    websocket-extensions (0.1.3)

PLATFORMS
  ruby

DEPENDENCIES
  aws-sdk
  dotenv
  elasticsearch
  elasticsearch-ruby
  eventmachine
  faye-websocket
  sinatra
  sinatra-contrib

BUNDLED WITH
   1.16.2
